GIT
  remote: http://github.com/skozlov/netzke-basepack.git
  revision: b022af28b8a77f2b3a4fdd24f982840a88f5cdcd
  specs:
    netzke-basepack (0.6.5)
      acts_as_list
      meta_where (>= 0.9.3)
      netzke-core (~> 0.6.7)
      will_paginate (~> 3.0.pre2)

GIT
  remote: http://github.com/skozlov/netzke-core.git
  revision: 3e3735b8b0e531b5380b8afdd0da87f47a493391
  specs:
    netzke-core (0.6.7)
      activesupport (>= 3.0.1)

GEM
  remote: http://rubygems.org/
  specs:
    abstract (1.0.0)
    actionmailer (3.0.5)
      actionpack (= 3.0.5)
      mail (~> 2.2.15)
    actionpack (3.0.5)
      activemodel (= 3.0.5)
      activesupport (= 3.0.5)
      builder (~> 2.1.2)
      erubis (~> 2.6.6)
      i18n (~> 0.4)
      rack (~> 1.2.1)
      rack-mount (~> 0.6.13)
      rack-test (~> 0.5.7)
      tzinfo (~> 0.3.23)
    activemodel (3.0.5)
      activesupport (= 3.0.5)
      builder (~> 2.1.2)
      i18n (~> 0.4)
    activerecord (3.0.5)
      activemodel (= 3.0.5)
      activesupport (= 3.0.5)
      arel (~> 2.0.2)
      tzinfo (~> 0.3.23)
    activerecord-oracle_enhanced-adapter (1.3.2)
    activeresource (3.0.5)
      activemodel (= 3.0.5)
      activesupport (= 3.0.5)
    activesupport (3.0.5)
    acts_as_list (0.1.2)
    arel (2.0.9)
    builder (2.1.2)
    capybara (0.4.1.2)
      celerity (>= 0.7.9)
      culerity (>= 0.2.4)
      mime-types (>= 1.16)
      nokogiri (>= 1.3.3)
      rack (>= 1.0.0)
      rack-test (>= 0.5.4)
      selenium-webdriver (>= 0.0.27)
      xpath (~> 0.1.3)
    celerity (0.8.8)
    childprocess (0.1.7)
      ffi (~> 0.6.3)
    configuration (1.2.0)
    culerity (0.2.15)
    database_cleaner (0.6.6)
    erubis (2.6.6)
      abstract (>= 1.0.0)
    ffi (0.6.3)
      rake (>= 0.8.7)
    i18n (0.5.0)
    json_pure (1.5.1)
    launchy (0.4.0)
      configuration (>= 0.0.5)
      rake (>= 0.8.1)
    mail (2.2.15)
      activesupport (>= 2.3.6)
      i18n (>= 0.4.0)
      mime-types (~> 1.16)
      treetop (~> 1.4.8)
    meta_where (1.0.4)
      activerecord (~> 3.0.0)
      activesupport (~> 3.0.0)
      arel (~> 2.0.7)
    mime-types (1.16)
    nokogiri (1.4.4)
    pg (0.10.1)
    polyglot (0.3.1)
    rack (1.2.2)
    rack-mount (0.6.13)
      rack (>= 1.0.0)
    rack-test (0.5.7)
      rack (>= 1.0)
    rails (3.0.5)
      actionmailer (= 3.0.5)
      actionpack (= 3.0.5)
      activerecord (= 3.0.5)
      activeresource (= 3.0.5)
      activesupport (= 3.0.5)
      bundler (~> 1.0)
      railties (= 3.0.5)
    rails_on_pg (0.0.1)
    railties (3.0.5)
      actionpack (= 3.0.5)
      activesupport (= 3.0.5)
      rake (>= 0.8.7)
      thor (~> 0.14.4)
    rake (0.8.7)
    ruby-oci8 (2.0.4)
    rubyzip (0.9.4)
    selenium-webdriver (0.1.3)
      childprocess (~> 0.1.5)
      ffi (~> 0.6.3)
      json_pure
      rubyzip
    shoulda (2.11.3)
    test-unit (2.2.0)
    thor (0.14.6)
    treetop (1.4.9)
      polyglot (>= 0.3.1)
    tzinfo (0.3.25)
    will_paginate (3.0.pre2)
    xpath (0.1.3)
      nokogiri (~> 1.3)

PLATFORMS
  ruby

DEPENDENCIES
  activerecord-oracle_enhanced-adapter
  capybara
  database_cleaner
  launchy
  netzke-basepack!
  netzke-core!
  pg
  rails (= 3.0.5)
  rails_on_pg
  ruby-oci8
  shoulda
  test-unit
  will_paginate (~> 3.0.pre2)
