GEM
  remote: http://rubygems.org/
  remote: http://www.i-dcc.org/rubygems/
  specs:
    POpen4 (0.1.4)
      Platform (>= 0.4.0)
      open4
    Platform (0.4.0)
    actionmailer (3.2.11)
      actionpack (= 3.2.11)
      mail (~> 2.4.4)
    actionpack (3.2.11)
      activemodel (= 3.2.11)
      activesupport (= 3.2.11)
      builder (~> 3.0.0)
      erubis (~> 2.7.0)
      journey (~> 1.0.4)
      rack (~> 1.4.0)
      rack-cache (~> 1.2)
      rack-test (~> 0.6.1)
      sprockets (~> 2.2.1)
    activemodel (3.2.11)
      activesupport (= 3.2.11)
      builder (~> 3.0.0)
    activerecord (3.2.11)
      activemodel (= 3.2.11)
      activesupport (= 3.2.11)
      arel (~> 3.0.2)
      tzinfo (~> 0.3.29)
    activeresource (3.2.11)
      activemodel (= 3.2.11)
      activesupport (= 3.2.11)
    activesupport (3.2.11)
      i18n (~> 0.6)
      multi_json (~> 1.0)
    acts_as_audited (2.0.0)
      rails (>= 3.0.3)
    acts_as_reportable (1.1.1)
      ruport (>= 1.6.0)
    addressable (2.2.8)
    annotate (2.4.0)
    arel (3.0.2)
    awesome_print (0.4.0)
    bcrypt-ruby (3.0.1)
    bio (1.4.3)
    biomart (0.2.2)
      builder
    builder (3.0.4)
    capybara (1.1.2)
      mime-types (>= 1.16)
      nokogiri (>= 1.3.3)
      rack (>= 1.0.0)
      rack-test (>= 0.5.4)
      selenium-webdriver (~> 2.0)
      xpath (~> 0.1.4)
    childprocess (0.3.7)
      ffi (~> 1.0, >= 1.0.6)
    chromedriver-helper (0.0.2)
      nokogiri
    color (1.4.1)
    daemons (1.1.9)
    database_cleaner (0.6.7)
    devise (1.4.7)
      bcrypt-ruby (~> 3.0)
      orm_adapter (~> 0.0.3)
      warden (~> 1.0.3)
    dynamic_form (1.1.4)
    erubis (2.7.0)
    eventmachine (1.0.0)
    factory_girl (2.0.5)
    factory_girl_rails (1.1.0)
      factory_girl (~> 2.0.0)
      railties (>= 3.0.0)
    fastercsv (1.5.5)
    ffi (1.3.1)
    foreigner (1.0.3)
      activerecord (>= 3.0.0)
    hike (1.2.1)
    hoptoad_notifier (2.4.11)
      activesupport
      builder
    i18n (0.6.1)
    jammit (0.6.5)
      yui-compressor (>= 0.9.3)
    journey (1.0.4)
    json (1.7.6)
    kgio (2.8.0)
    launchy (2.0.5)
      addressable (~> 2.2.6)
    letter_opener (1.0.0)
      launchy (>= 2.0.4)
    libwebsocket (0.1.7.1)
      addressable
      websocket
    mail (2.4.4)
      i18n (>= 0.4.0)
      mime-types (~> 1.16)
      treetop (~> 1.4.8)
    mime-types (1.20.1)
    mocha (0.9.12)
    multi_json (1.5.0)
    mysql2 (0.3.11)
    nokogiri (1.5.6)
    open4 (1.3.0)
    orm_adapter (0.0.7)
    parallel (0.6.2)
    parallel_tests (0.8.1)
      parallel
    pdf-writer (1.1.8)
      color (>= 1.4.0)
      transaction-simple (~> 1.3)
    pg (0.11.0)
    polyamorous (0.5.0)
      activerecord (~> 3.0)
    polyglot (0.3.3)
    rack (1.4.4)
    rack-cache (1.2)
      rack (>= 0.4)
    rack-ssl (1.3.3)
      rack
    rack-test (0.6.2)
      rack (>= 1.0)
    rails (3.2.11)
      actionmailer (= 3.2.11)
      actionpack (= 3.2.11)
      activerecord (= 3.2.11)
      activeresource (= 3.2.11)
      activesupport (= 3.2.11)
      bundler (~> 1.0)
      railties (= 3.2.11)
    railties (3.2.11)
      actionpack (= 3.2.11)
      activesupport (= 3.2.11)
      rack-ssl (~> 1.3.2)
      rake (>= 0.8.7)
      rdoc (~> 3.4)
      thor (>= 0.14.6, < 2.0)
    raindrops (0.10.0)
    rake (10.0.2)
    ransack (0.7.2)
      actionpack (~> 3.0)
      activerecord (~> 3.0)
      polyamorous (~> 0.5.0)
    rdoc (3.12)
      json (~> 1.4)
    rmagick (2.13.1)
    rubyzip (0.9.9)
    ruport (1.6.3)
      fastercsv
      pdf-writer (= 1.1.8)
    scruffy_Sanger (0.2.6.1)
      builder (>= 2.0.0)
    selenium-webdriver (2.21.0)
      childprocess (>= 0.2.5)
      ffi (~> 1.0)
      libwebsocket (~> 0.1.3)
      multi_json (~> 1.0)
      rubyzip
    sequel (3.44.0)
    shoulda (3.3.2)
      shoulda-context (~> 1.0.1)
      shoulda-matchers (~> 1.4.1)
    shoulda-context (1.0.2)
    shoulda-matchers (1.4.1)
      activesupport (>= 3.0.0)
    simplecov (0.7.1)
      multi_json (~> 1.0)
      simplecov-html (~> 0.7.1)
    simplecov-html (0.7.1)
    simplecov-rcov (0.2.0)
    sprockets (2.2.2)
      hike (~> 1.2)
      multi_json (~> 1.0)
      rack (~> 1.0)
      tilt (~> 1.1, != 1.3.0)
    test-unit (2.5.3)
    thin (1.4.1)
      daemons (>= 1.0.9)
      eventmachine (>= 0.12.6)
      rack (>= 1.0.0)
    thor (0.17.0)
    tilt (1.3.3)
    transaction-simple (1.4.0.2)
    treetop (1.4.12)
      polyglot
      polyglot (>= 0.3.1)
    tzinfo (0.3.35)
    unicorn (4.3.0)
      kgio (~> 2.6)
      rack
      raindrops (~> 0.7)
    warden (1.0.6)
      rack (>= 1.0)
    websocket (1.0.7)
    will_paginate (3.0.4)
    xpath (0.1.4)
      nokogiri (~> 1.3)
    yui-compressor (0.9.6)
      POpen4 (>= 0.1.4)

PLATFORMS
  ruby

DEPENDENCIES
  acts_as_audited (~> 2.0.0.rc7)
  acts_as_reportable (= 1.1.1)
  annotate (= 2.4.0)
  awesome_print (= 0.4.0)
  bio (= 1.4.3)
  biomart (= 0.2.2)
  capybara (= 1.1.2)
  chromedriver-helper (= 0.0.2)
  database_cleaner (= 0.6.7)
  devise (= 1.4.7)
  dynamic_form (= 1.1.4)
  factory_girl_rails (= 1.1.0)
  foreigner (= 1.0.3)
  hoptoad_notifier (= 2.4.11)
  jammit (= 0.6.5)
  launchy (= 2.0.5)
  letter_opener
  mocha (= 0.9.12)
  mysql2
  parallel_tests (= 0.8.1)
  pg (= 0.11.0)
  rack (~> 1.4.0)
  rails (~> 3.2.11)
  rake (= 10.0.2)
  ransack (= 0.7.2)
  rmagick (= 2.13.1)
  scruffy_Sanger (= 0.2.6.1)
  selenium-webdriver (= 2.21)
  sequel
  shoulda
  simplecov (>= 0.4.0)
  simplecov-rcov (= 0.2.0)
  test-unit (= 2.5.3)
  thin (= 1.4.1)
  unicorn (= 4.3.0)
  will_paginate (~> 3.0.pre2)
